PATH
  remote: .
  specs:
    admin_data (1.1.12)

GEM
  remote: http://rubygems.org/
  specs:
    rake (0.8.7)

PLATFORMS
  ruby

DEPENDENCIES
  admin_data!
  rake (= 0.8.7)
